GEM
  remote: https://rubygems.org/
  specs:
    addressable (2.4.0)
    appium_capybara (1.3.0)
      appium_lib (>= 4.1.0)
      capybara (~> 2.7)
    appium_lib (8.0.2)
      awesome_print (~> 1.6)
      json (~> 1.8)
      nokogiri (~> 1.6.6)
      selenium-webdriver (~> 2.49)
      tomlrb (~> 1.1)
    appium_thor (1.0.1)
      posix-spawn (~> 0.3, >= 0.3.8)
      redcarpet (~> 3.1, >= 3.1.2)
      yard (~> 0.8, >= 0.8.7.4)
    awesome_print (1.7.0)
    capybara (2.7.1)
      addressable
      mime-types (>= 1.16)
      nokogiri (>= 1.3.3)
      rack (>= 1.0.0)
      rack-test (>= 0.5.4)
      xpath (~> 2.0)
    childprocess (0.5.9)
      ffi (~> 1.0, >= 1.0.11)
    ffi (1.9.14)
    json (1.8.3)
    mime-types (3.1)
      mime-types-data (~> 3.2015)
    mime-types-data (3.2016.0521)
    mini_portile2 (2.1.0)
    nokogiri (1.6.8)
      mini_portile2 (~> 2.1.0)
      pkg-config (~> 1.1.7)
    pkg-config (1.1.7)
    posix-spawn (0.3.11)
    rack (2.0.1)
    rack-test (0.6.3)
      rack (>= 1.0)
    redcarpet (3.3.4)
    rubyzip (1.2.0)
    selenium-webdriver (2.53.4)
      childprocess (~> 0.5)
      rubyzip (~> 1.0)
      websocket (~> 1.0)
    tomlrb (1.2.2)
    websocket (1.2.3)
    xpath (2.0.0)
      nokogiri (~> 1.3)
    yard (0.9.5)

PLATFORMS
  ruby

DEPENDENCIES
  appium_capybara (~> 1.3)
  appium_lib (~> 8.0.0)
  appium_thor
  selenium-webdriver

BUNDLED WITH
   1.12.2
